GEM
  remote: https://rubygems.org/
  specs:
    coderay (1.1.2)
    method_source (0.9.2)
    minitest (5.14.0)
    pry (0.12.2)
      coderay (~> 1.1.0)
      method_source (~> 0.9.0)
    pry-doc (1.0.0)
      pry (~> 0.11)
      yard (~> 0.9.11)
    yard (0.9.24)

PLATFORMS
  ruby

DEPENDENCIES
  method_source
  minitest
  pry
  pry-doc

BUNDLED WITH
   2.1.0.pre.1
